GIT
  remote: git://github.com/edebill/ruby-serialport.git
  revision: 69240272cd2422c1561ae8bbb21884f9846512a5
  specs:
    ruby-serialport (0.7.1)

GEM
  remote: https://rubygems.org/
  specs:
    RubySunrise (0.3)
      tzinfo
    activesupport (3.2.15)
      i18n (~> 0.6, >= 0.6.4)
      multi_json (~> 1.0)
    allison (2.0.3)
    atomic (1.1.14)
    chronic (0.10.2)
    echoe (4.6.5)
      allison (>= 2.0.3)
      rake (>= 0.9.2)
      rdoc (>= 2.5.11)
      rubyforge (>= 2.0.4)
    i18n (0.6.5)
    json_pure (1.8.1)
    multi_json (1.8.2)
    rack (1.5.2)
    rack-protection (1.5.1)
      rack
    rack-test (0.6.2)
      rack (>= 1.0)
    rake (10.1.0)
    rdoc (4.0.0)
    rubyforge (2.0.4)
      json_pure (>= 1.1.7)
    sinatra (1.4.4)
      rack (~> 1.4)
      rack-protection (~> 1.4)
      tilt (~> 1.3, >= 1.3.4)
    thread_safe (0.1.3)
      atomic
    tilt (1.4.1)
    timecop (0.6.3)
    tzinfo (1.1.0)
      thread_safe (~> 0.1)

PLATFORMS
  ruby

DEPENDENCIES
  RubySunrise
  activesupport
  chronic
  echoe
  rack-test
  ruby-serialport (= 0.7.1)!
  sinatra
  timecop
